GEM
  remote: https://rubygems.org/
  specs:
    hubssolib (1.0.0)

PLATFORMS
  ruby

DEPENDENCIES
  hubssolib (~> 1.0.0)

RUBY VERSION
   ruby 2.5.3p105

BUNDLED WITH
   2.0.1
